GIT
  remote: git://github.com/middleman-contrib/middleman-deploy.git
  revision: 243ab38b08896cd5a37d6845a01a5761b934a898
  branch: master
  specs:
    middleman-deploy (2.0.0.pre.alpha)
      middleman-core (>= 3.2)
      net-sftp
      ptools

GIT
  remote: https://github.com/ffi/ffi.git
  revision: 250ed0d3ccc77c397fd46b65d94b6b502feb850f
  branch: elcapt
  specs:
    ffi (1.9.10)

GEM
  remote: https://rubygems.org/
  specs:
    activesupport (4.2.7)
      i18n (~> 0.7)
      json (~> 1.7, >= 1.7.7)
      minitest (~> 5.1)
      thread_safe (~> 0.3, >= 0.3.4)
      tzinfo (~> 1.1)
    addressable (2.4.0)
    ansi (1.5.0)
    autoprefixer-rails (6.3.7)
      execjs
    backports (3.6.8)
    bootstrap-navbar (2.2.4)
      gem_config (~> 0.3)
    bootstrap-sass (3.3.7)
      autoprefixer-rails (>= 5.2.1)
      sass (>= 3.3.4)
    builder (3.2.2)
    coffee-script (2.4.1)
      coffee-script-source
      execjs
    coffee-script-source (1.10.0)
    commonjs (0.2.7)
    compass-import-once (1.0.5)
      sass (>= 3.2, < 3.5)
    concurrent-ruby (1.0.2)
    contracts (0.13.0)
    dotenv (2.1.1)
    erubis (2.7.0)
    execjs (2.7.0)
    fast_blank (1.0.0)
    fastimage (2.0.0)
      addressable (~> 2)
    gem_config (0.3.1)
    haml (4.0.7)
      tilt
    hamster (3.0.0)
      concurrent-ruby (~> 1.0)
    hashie (3.4.4)
    httparty (0.14.0)
      multi_xml (>= 0.5.2)
    i18n (0.7.0)
    jquery-middleman (3.1.2)
      thor (>= 0.14, < 2.0)
    json (1.8.3)
    kramdown (1.11.1)
    less (2.6.0)
      commonjs (~> 0.2.7)
    libv8 (3.16.14.15)
    liquid (3.0.6)
    listen (3.0.8)
      rb-fsevent (~> 0.9, >= 0.9.4)
      rb-inotify (~> 0.9, >= 0.9.7)
    memoist (0.14.0)
    middleman (4.1.10)
      coffee-script (~> 2.2)
      compass-import-once (= 1.0.5)
      haml (>= 4.0.5)
      kramdown (~> 1.2)
      middleman-cli (= 4.1.10)
      middleman-core (= 4.1.10)
      sass (>= 3.4.0, < 4.0)
    middleman-autoprefixer (2.7.0)
      autoprefixer-rails (>= 6.3.1, < 7.0.0)
      middleman-core (>= 3.3.3)
    middleman-blog (4.0.1)
      addressable (~> 2.3)
      middleman-core (>= 4.0.0)
      tzinfo (>= 0.3.0)
    middleman-bootstrap-navbar (3.0.0)
      bootstrap-navbar (~> 2.0)
      middleman (>= 3.1)
    middleman-cli (4.1.10)
      thor (>= 0.17.0, < 2.0)
    middleman-core (4.1.10)
      activesupport (~> 4.2)
      addressable (~> 2.3)
      backports (~> 3.6)
      bundler (~> 1.1)
      contracts (~> 0.13.0)
      dotenv
      erubis
      execjs (~> 2.0)
      fast_blank
      fastimage (~> 2.0)
      hamster (~> 3.0)
      hashie (~> 3.4)
      i18n (~> 0.7.0)
      listen (~> 3.0.0)
      memoist (~> 0.14)
      padrino-helpers (~> 0.13.0)
      parallel
      rack (>= 1.4.5, < 2.0)
      sass (>= 3.4)
      servolux
      tilt (~> 1.4.1)
      uglifier (~> 3.0)
    middleman-syntax (2.1.0)
      middleman-core (>= 3.2)
      rouge (~> 1.0)
    mini_portile2 (2.1.0)
    minitest (5.9.0)
    multi_xml (0.5.5)
    net-sftp (2.1.2)
      net-ssh (>= 2.6.5)
    net-ssh (3.2.0)
    nokogiri (1.6.8)
      mini_portile2 (~> 2.1.0)
      pkg-config (~> 1.1.7)
    padrino-helpers (0.13.2)
      i18n (~> 0.6, >= 0.6.7)
      padrino-support (= 0.13.2)
      tilt (>= 1.4.1, < 3)
    padrino-support (0.13.2)
      activesupport (>= 3.1)
    parallel (1.9.0)
    pkg-config (1.1.7)
    ptools (1.3.3)
    rack (1.6.4)
    rake (10.4.2)
    rb-fsevent (0.9.7)
    rb-inotify (0.9.7)
      ffi (>= 0.5.0)
    redcarpet (3.3.4)
    ref (2.0.0)
    rouge (1.9.1)
    sass (3.4.22)
    servolux (0.12.0)
    therubyracer (0.12.2)
      libv8 (~> 3.16.14.0)
      ref
    thor (0.19.1)
    thread_safe (0.3.5)
    tilt (1.4.1)
    tzinfo (1.2.2)
      thread_safe (~> 0.1)
    uglifier (3.0.1)
      execjs (>= 0.3.0, < 3)

PLATFORMS
  ruby

DEPENDENCIES
  ansi
  bootstrap-sass
  builder (~> 3.0)
  ffi!
  httparty
  jquery-middleman
  json
  less
  liquid
  middleman (~> 4.1)
  middleman-autoprefixer
  middleman-blog
  middleman-bootstrap-navbar
  middleman-deploy!
  middleman-syntax
  nokogiri
  rake
  redcarpet (~> 3.3, >= 3.3.3)
  rouge (~> 1.9.0)
  therubyracer (~> 0.12.1)
  tzinfo-data
  wdm (~> 0.1.0)

BUNDLED WITH
   1.11.2
